GEM
  remote: https://rubygems.org/
  specs:
    thor (0.20.3)

PLATFORMS
  x64-mingw32

DEPENDENCIES
  thor

BUNDLED WITH
   2.0.2
